PATH
  remote: .
  specs:
    also_energy (0.1.0)
      json
      savon (~> 2.10.0)

GEM
  remote: https://rubygems.org/
  specs:
    addressable (2.3.8)
    akami (1.3.1)
      gyoku (>= 0.4.0)
      nokogiri
    builder (3.2.2)
    coderay (1.1.0)
    crack (0.4.2)
      safe_yaml (~> 1.0.0)
    gyoku (1.3.1)
      builder (>= 2.1.2)
    httpi (2.4.1)
      rack
    json (1.8.3)
    macaddr (1.7.1)
      systemu (~> 2.6.2)
    method_source (0.8.2)
    mini_portile (0.6.2)
    minitest (5.8.0)
    nokogiri (1.6.6.2)
      mini_portile (~> 0.6.0)
    nori (2.6.0)
    pry (0.10.1)
      coderay (~> 1.1.0)
      method_source (~> 0.8.1)
      slop (~> 3.4)
    rack (1.6.4)
    rake (10.4.2)
    safe_yaml (1.0.4)
    savon (2.10.1)
      akami (~> 1.2)
      builder (>= 2.1.2)
      gyoku (~> 1.2)
      httpi (~> 2.3)
      nokogiri (>= 1.4.0)
      nori (~> 2.4)
      uuid (~> 2.3.7)
      wasabi (~> 3.4)
    slop (3.6.0)
    systemu (2.6.5)
    uuid (2.3.8)
      macaddr (~> 1.0)
    vcr (2.9.3)
    wasabi (3.5.0)
      httpi (~> 2.0)
      nokogiri (>= 1.4.2)
    webmock (1.21.0)
      addressable (>= 2.3.6)
      crack (>= 0.3.2)

PLATFORMS
  ruby

DEPENDENCIES
  also_energy!
  bundler (~> 1.10)
  minitest
  pry
  rake (~> 10.0)
  vcr
  webmock

BUNDLED WITH
   1.10.6
